PATH
  remote: .
  specs:
    idology (1.10.4)
      happymapper (~> 0.4.0)
      httparty (= 0.13.7)

GEM
  remote: https://rubygems.org/
  specs:
    diff-lcs (1.2.5)
    fakeweb (1.2.8)
    happymapper (0.4.0)
      libxml-ruby (~> 2.0)
    httparty (0.13.7)
      json (~> 1.8)
      multi_xml (>= 0.5.2)
    json (1.8.2)
    libxml-ruby (2.8.0)
    multi_xml (0.5.5)
    rspec (2.13.0)
      rspec-core (~> 2.13.0)
      rspec-expectations (~> 2.13.0)
      rspec-mocks (~> 2.13.0)
    rspec-core (2.13.1)
    rspec-expectations (2.13.0)
      diff-lcs (>= 1.1.3, < 2.0)
    rspec-mocks (2.13.1)

PLATFORMS
  ruby

DEPENDENCIES
  fakeweb (= 1.2.8)
  idology!
  rspec (= 2.13.0)
